GEM
  remote: https://rubygems.org/
  specs:
    mocktail (1.0.0)

PLATFORMS
  arm64-darwin-21

DEPENDENCIES
  mocktail (~> 1.0)

BUNDLED WITH
   2.2.32
